GEM
  remote: https://rubygems.org/
  specs:
    aws-eventstream (1.4.0)
    aws-partitions (1.1163.0)
    aws-sdk-core (3.232.0)
      aws-eventstream (~> 1, >= 1.3.0)
      aws-partitions (~> 1, >= 1.992.0)
      aws-sigv4 (~> 1.9)
      base64
      bigdecimal
      jmespath (~> 1, >= 1.6.1)
      logger
    aws-sdk-ec2 (1.558.0)
      aws-sdk-core (~> 3, >= 3.231.0)
      aws-sigv4 (~> 1.5)
    aws-sdk-servicequotas (1.62.0)
      aws-sdk-core (~> 3, >= 3.231.0)
      aws-sigv4 (~> 1.5)
    aws-sigv4 (1.12.1)
      aws-eventstream (~> 1, >= 1.0.2)
    base64 (0.3.0)
    bigdecimal (3.2.3)
    colorize (1.1.0)
    jmespath (1.6.2)
    logger (1.7.0)
    net-ssh (7.3.0)
    ox (2.14.23)
      bigdecimal (>= 3.0)
    slop (4.10.1)
    terminal-table (4.0.0)
      unicode-display_width (>= 1.1.1, < 4)
    unicode-display_width (3.2.0)
      unicode-emoji (~> 4.1)
    unicode-emoji (4.1.0)

PLATFORMS
  arm64-darwin-24
  x86_64-linux

DEPENDENCIES
  aws-sdk-ec2
  aws-sdk-servicequotas
  colorize
  net-ssh
  ox
  slop
  terminal-table

BUNDLED WITH
   2.2.22
